GEM
  remote: http://rubygems.org/
  specs:
    activesupport (3.2.13)
      i18n (= 0.6.1)
      multi_json (~> 1.0)
    awesome_print (1.1.0)
    aws-sdk (1.8.5)
      json (~> 1.4)
      nokogiri (>= 1.4.4)
      uuidtools (~> 2.1)
    bourne (1.2.1)
      mocha (= 0.12.7)
    diff-lcs (1.2.1)
    git (1.2.5)
    i18n (0.6.1)
    jeweler (1.8.4)
      bundler (~> 1.0)
      git (>= 1.2.5)
      rake
      rdoc
    json (1.7.7)
    metaclass (0.0.1)
    mocha (0.12.7)
      metaclass (~> 0.0.1)
    multi_json (1.7.1)
    nokogiri (1.5.8)
    rake (10.0.3)
    rcov (1.0.0)
    rdoc (3.12.2)
      json (~> 1.4)
    rspec (2.13.0)
      rspec-core (~> 2.13.0)
      rspec-expectations (~> 2.13.0)
      rspec-mocks (~> 2.13.0)
    rspec-core (2.13.1)
    rspec-expectations (2.13.0)
      diff-lcs (>= 1.1.3, < 2.0)
    rspec-mocks (2.13.0)
    shoulda (3.4.0)
      shoulda-context (~> 1.0, >= 1.0.1)
      shoulda-matchers (~> 1.0, >= 1.4.1)
    shoulda-context (1.0.2)
    shoulda-matchers (1.5.0)
      activesupport (>= 3.0.0)
      bourne (~> 1.2.0)
    uuidtools (2.1.3)

PLATFORMS
  ruby

DEPENDENCIES
  awesome_print
  aws-sdk (~> 1.8.5)
  bundler (> 1.0.0)
  jeweler (~> 1.8.4)
  rcov
  rdoc (~> 3.12)
  rspec
  shoulda
